GEM
  remote: https://rubygems.org/
  specs:
    cassandra-cql (1.0.4)
      simple_uuid (>= 0.2.0)
      thrift_client (>= 0.7.1)
    host_range (0.0.1)
    rainbow (1.1.4)
    simple_uuid (0.2.0)
    thrift (0.7.0)
    thrift_client (0.7.1)
      thrift (~> 0.7.0)

PLATFORMS
  ruby

DEPENDENCIES
  cassandra-cql
  host_range
  rainbow
